GEM
  remote: http://rubygems.org/
  specs:
    activemodel (4.1.6)
      activesupport (= 4.1.6)
      builder (~> 3.1)
    activerecord (4.1.6)
      activemodel (= 4.1.6)
      activesupport (= 4.1.6)
      arel (~> 5.0.0)
    activerecord-jdbc-adapter (1.3.11)
      activerecord (>= 2.2)
    activerecord-jdbcsqlite3-adapter (1.3.11)
      activerecord-jdbc-adapter (~> 1.3.11)
      jdbc-sqlite3 (~> 3.7.2)
    activesupport (4.1.6)
      i18n (~> 0.6, >= 0.6.9)
      json (~> 1.7, >= 1.7.7)
      minitest (~> 5.1)
      thread_safe (~> 0.1)
      tzinfo (~> 1.1)
    arel (5.0.1.20140414130214)
    backports (3.6.3)
    bouncy-castle-java (1.5.0147)
    builder (3.2.2)
    database_cleaner (1.2.0)
    diff-lcs (1.1.3)
    haml (3.1.1)
    i18n (0.6.11)
    jdbc-sqlite3 (3.7.2.1)
    jruby-jars (1.7.16)
    jruby-openssl (0.7.3)
      bouncy-castle-java
    jruby-rack (1.1.16)
    json (1.8.1-java)
    maruku (0.6.0)
      syntax (>= 1.0.0)
    minitest (5.4.2)
    multi_json (1.10.1)
    rack (1.5.2)
    rack-protection (1.5.3)
      rack
    rack-test (0.5.7)
      rack (>= 1.0)
    rake (10.3.2)
    rspec (2.5.0)
      rspec-core (~> 2.5.0)
      rspec-expectations (~> 2.5.0)
      rspec-mocks (~> 2.5.0)
    rspec-core (2.5.2)
    rspec-expectations (2.5.0)
      diff-lcs (~> 1.1.2)
    rspec-mocks (2.5.0)
    rubyzip (1.1.6)
    sass (3.1.1)
    sinatra (1.4.5)
      rack (~> 1.4)
      rack-protection (~> 1.4)
      tilt (~> 1.3, >= 1.3.4)
    sinatra-contrib (1.4.2)
      backports (>= 2.0)
      multi_json
      rack-protection
      rack-test
      sinatra (~> 1.4.0)
      tilt (~> 1.3)
    sinatra-flash (0.3.0)
      sinatra (>= 1.0.0)
    sinatra-reloader (1.0)
      sinatra-contrib
    sinatra-respond_to (0.9.0)
      sinatra (~> 1.3)
    syntax (1.2.0)
    thread_safe (0.3.4-java)
    tilt (1.4.1)
    tzinfo (1.2.2)
      thread_safe (~> 0.1)
    warbler (1.4.4)
      jruby-jars (>= 1.5.6, < 2.0)
      jruby-rack (>= 1.0.0)
      rake (>= 0.9.6)
      rubyzip (>= 0.9, < 1.2)

PLATFORMS
  java

DEPENDENCIES
  activerecord (= 4.1.6)
  activerecord-jdbc-adapter (= 1.3.11)
  activerecord-jdbcsqlite3-adapter (= 1.3.11)
  bouncy-castle-java (= 1.5.0147)
  database_cleaner (= 1.2.0)
  haml (= 3.1.1)
  jdbc-sqlite3 (= 3.7.2.1)
  jruby-openssl (= 0.7.3)
  jruby-rack (= 1.1.16)
  json (= 1.8.1)
  maruku (= 0.6.0)
  rack (= 1.5.2)
  rack-test (= 0.5.7)
  rspec (= 2.5.0)
  sass (= 3.1.1)
  sinatra (= 1.4.5)
  sinatra-flash (= 0.3.0)
  sinatra-reloader (= 1.0)
  sinatra-respond_to (= 0.9.0)
  warbler (= 1.4.4)
